{
	"Modality": "MR",
	"MagneticFieldStrength": 3,
	"ImagingFrequency": 123.248079,
	"Manufacturer": "Siemens",
	"ManufacturersModelName": "MAGNETOM Prisma Fit",
	"InstitutionName": "CHUV",
	"InstitutionAddress": "Rue du Bugnon 21,Lausanne,District,CH,1011",
	"DeviceSerialNumber": "67014",
	"StationName": "LRG10884",
	"BodyPartExamined": "BRAIN",
	"PatientPosition": "HFS",
	"ProcedureStepDescription": "Antoine MRSI",
	"SoftwareVersions": "syngo MR XA30",
	"MRAcquisitionType": "2D",
	"SeriesDescription": "DSI_603_q4_half_tra_STRICT_TENSOR_B0",
	"ProtocolName": "DSI_603_q4_half_tra_STRICT",
	"ScanningSequence": "EP",
	"SequenceVariant": "SK\\SP",
	"ScanOptions": "PFP\\FS",
	"PulseSequenceName": "*epse2d1_96",
	"ImageType": ["DERIVED", "PRIMARY", "DIFFUSION", "TENSOR", "B0"],
	"ImageTypeText": ["DERIVED", "PRIMARY", "DIFFUSION", "TENSOR", "B0", "ND", "NORM"],
	"NonlinearGradientCorrection": false,
	"RawImage": false,
	"SeriesNumber": 17,
	"AcquisitionTime": "16:37:12.592500",
	"SliceThickness": 3,
	"SpacingBetweenSlices": 3,
	"EchoTime": 0.103,
	"RepetitionTime": 5.9,
	"MTState": false,
	"FlipAngle": 90,
	"PartialFourier": 0.75,
	"BaseResolution": 96,
	"ShimSetting": [
		8229,
		-5662,
		-6025,
		698,
		-36,
		-116,
		87,
		26	],
	"DiffusionScheme": "Monopolar",
	"TxRefAmp": 281.797,
	"PhaseResolution": 1,
	"ReceiveCoilName": "Head_32",
	"ReceiveCoilActiveElements": "HEA;HEP",
	"CoilString": "Head_32",
	"PulseSequenceDetails": "%SiemensSeq%\\ep2d_diff",
	"RefLinesPE": 28,
	"CoilCombinationMethod": "Adaptive Combine",
	"MatrixCoilMode": "GRAPPA",
	"PercentPhaseFOV": 100,
	"PercentSampling": 100,
	"EchoTrainLength": 38,
	"PartialFourierDirection": "PHASE",
	"PhaseEncodingSteps": 96,
	"FrequencyEncodingSteps": 96,
	"AcquisitionMatrixPE": 96,
	"ReconMatrixPE": 96,
	"BandwidthPerPixelPhaseEncode": 22.401,
	"ParallelReductionFactorInPlane": 2,
	"ParallelAcquisitionTechnique": "GRAPPA",
	"EffectiveEchoSpacing": 0.000465009,
	"DerivedVendorReportedEchoSpacing": 0.000930018,
	"TotalReadoutTime": 0.0441759,
	"PixelBandwidth": 1335,
	"DwellTime": 3.9e-06,
	"PhaseEncodingDirection": "j-",
	"SliceTiming": [
		2.94,
		0,
		3.095,
		0.155,
		3.25,
		0.31,
		3.405,
		0.465,
		3.5575,
		0.6175,
		3.7125,
		0.7725,
		3.8675,
		0.9275,
		4.0225,
		1.0825,
		4.1775,
		1.2375,
		4.3325,
		1.3925,
		4.4875,
		1.5475,
		4.6425,
		1.7025,
		4.7975,
		1.8575,
		4.95,
		2.01,
		5.105,
		2.165,
		5.26,
		2.32,
		5.415,
		2.475,
		5.57,
		2.63,
		5.725,
		2.785	],
	"ImageOrientationPatientDICOM": [
		1,
		0,
		0,
		0,
		1,
		0	],
	"InPlanePhaseEncodingDirectionDICOM": "COL",
	"BidsGuess": ["derived","_acq-epse2p2_dir-AP_run-17_dwi"],
	"ConversionSoftware": "dcm2niix",
	"ConversionSoftwareVersion": "v1.0.20240202"
}
