{
	"Modality": "MR",
	"MagneticFieldStrength": 3,
	"ImagingFrequency": 123.237283,
	"Manufacturer": "Siemens",
	"ManufacturersModelName": "TrioTim",
	"InstitutionName": "BBL - University of Geneva",
	"InstitutionalDepartmentName": "Department",
	"InstitutionAddress": "Rue Michel-Servet 1,Geneve,District,CH,1211",
	"DeviceSerialNumber": "35383",
	"StationName": "MRC35383",
	"PatientPosition": "HFS",
	"ProcedureStepDescription": "fMRI^YODA",
	"SoftwareVersions": "syngo MR B17",
	"MRAcquisitionType": "3D",
	"SeriesDescription": "memprage_wip900_4echos_1mm_opt_combEcho",
	"ProtocolName": "memprage_wip900_4echos_1mm_opt",
	"ScanningSequence": "GR\\IR",
	"SequenceVariant": "SP\\MP",
	"ScanOptions": "IR",
	"SequenceName": "tfl3d4_ns",
	"ImageType": ["ORIGINAL", "PRIMARY", "ECHO", "COMBINED", "NORM", "DIS3D", "DIS2D"],
	"NonlinearGradientCorrection": true,
	"SeriesNumber": 3,
	"AcquisitionTime": "12:29:41.482500",
	"AcquisitionNumber": 1,
	"ImageComments": "Average over all echoes.",
	"SliceThickness": 1,
	"SAR": 0.0755229,
	"EchoNumber": 4,
	"RepetitionTime": 2.53,
	"InversionTime": 1.1,
	"FlipAngle": 7,
	"PartialFourier": 1,
	"BaseResolution": 256,
	"ShimSetting": [
		-13847,
		8872,
		19554,
		312,
		120,
		-521,
		-140,
		-113	],
	"TxRefAmp": 315.132,
	"PhaseResolution": 1,
	"ReceiveCoilName": "32Ch_Head",
	"CoilString": "C:HEA;HEP",
	"PulseSequenceDetails": "%CustomerSeq%\\tfl_wip900b17a",
	"RefLinesPE": 32,
	"CoilCombinationMethod": "Adaptive Combine",
	"MatrixCoilMode": "GRAPPA",
	"PercentPhaseFOV": 93.75,
	"PercentSampling": 100,
	"PhaseEncodingSteps": 239,
	"AcquisitionMatrixPE": 240,
	"ReconMatrixPE": 240,
	"ParallelReductionFactorInPlane": 2,
	"PixelBandwidth": 651,
	"DwellTime": 3e-06,
	"ImageOrientationPatientDICOM": [
		1e-16,
		1,
		0,
		0.0383878,
		-1e-16,
		-0.999263	],
	"ImageOrientationText": "Sag>Tra(-2.2)",
	"InPlanePhaseEncodingDirectionDICOM": "ROW",
	"ConversionSoftware": "dcm2niix",
	"ConversionSoftwareVersion": "v1.0.20230411"
}
