{
	"Modality": "MR",
	"MagneticFieldStrength": 3,
	"ImagingFrequency": 123.248136,
	"Manufacturer": "Siemens",
	"ManufacturersModelName": "MAGNETOM Prisma Fit",
	"InstitutionName": "CHUV",
	"InstitutionAddress": "Rue du Bugnon 21,Lausanne,District,CH,1011",
	"DeviceSerialNumber": "67014",
	"StationName": "LRG10884",
	"BodyPartExamined": "BRAIN",
	"PatientPosition": "HFS",
	"ProcedureStepDescription": "Antoine MRSI",
	"SoftwareVersions": "syngo MR XA30",
	"MRAcquisitionType": "3D",
	"SeriesDescription": "wip19_mprage_1iso_cs4p2",
	"ProtocolName": "wip19_mprage_1iso_cs4p2",
	"ScanningSequence": "GR\\IR",
	"SequenceVariant": "SK\\SP\\MP",
	"ScanOptions": "IR",
	"PulseSequenceName": "WIP_tfl3d1_16ns",
	"ImageType": ["ORIGINAL", "PRIMARY", "M", "NONE"],
	"ImageTypeText": ["ORIGINAL", "PRIMARY", "M", "NORM", "DIS3D", "DIS2D"],
	"NonlinearGradientCorrection": true,
	"SeriesNumber": 8,
	"AcquisitionTime": "16:33:18.330000",
	"AcquisitionNumber": 1,
	"SliceThickness": 1,
	"EchoTime": 0.0029,
	"RepetitionTime": 2.3,
	"MTState": false,
	"InversionTime": 0.9,
	"FlipAngle": 9,
	"PartialFourier": 1,
	"BaseResolution": 256,
	"ShimSetting": [
		8228,
		-5666,
		-6274,
		307,
		-57,
		-153,
		48,
		21	],
	"TxRefAmp": 281.797,
	"PhaseResolution": 1,
	"ReceiveCoilName": "Spine_32",
	"ReceiveCoilActiveElements": "HEA;HEP;SP1",
	"CoilString": "1",
	"PulseSequenceDetails": "%CustomerSeq%\\wip_csTFL_cstfl",
	"WipMemBlock": "WIP_Identifier: WIP#NX19",
	"RefLinesPE": 32,
	"CoilCombinationMethod": "Adaptive Combine",
	"MatrixCoilMode": "SENSE",
	"PercentPhaseFOV": 93.75,
	"PercentSampling": 100,
	"PhaseEncodingSteps": 240,
	"FrequencyEncodingSteps": 256,
	"PhaseEncodingStepsOutOfPlane": 192,
	"AcquisitionMatrixPE": 240,
	"ReconMatrixPE": 240,
	"AcquisitionDuration": 102.5,
	"PixelBandwidth": 238,
	"DwellTime": 8.2e-06,
	"ImageOrientationPatientDICOM": [
		-0.00348168,
		0.978142,
		0.207911,
		0.00169071,
		0.207918,
		-0.978145	],
	"InPlanePhaseEncodingDirectionDICOM": "ROW",
	"BidsGuess": ["anat","_acq-WIPtfl3_run-8_T1w"],
	"ConversionSoftware": "dcm2niix",
	"ConversionSoftwareVersion": "v1.0.20240202"
}
